GEM
  remote: https://rubygems.org/
  specs:
    addressable (2.8.1)
      public_suffix (>= 2.0.2, < 6.0)
    crack (0.4.5)
      rexml
    domain_name (0.5.20190701)
      unf (>= 0.0.5, < 1.0.0)
    hashdiff (1.0.1)
    http-accept (1.7.0)
    http-cookie (1.0.5)
      domain_name (~> 0.5)
    httparty (0.21.0)
      mini_mime (>= 1.0.0)
      multi_xml (>= 0.5.2)
    mailgun-ruby (1.2.6)
      rest-client (>= 2.0.2)
    mime-types (3.4.1)
      mime-types-data (~> 3.2015)
    mime-types-data (3.2022.0105)
    mini_mime (1.1.2)
    multi_xml (0.6.0)
    netrc (0.11.0)
    power_assert (2.0.3)
    public_suffix (5.0.1)
    rest-client (2.1.0)
      http-accept (>= 1.7.0, < 2.0)
      http-cookie (>= 1.0.2, < 2.0)
      mime-types (>= 1.16, < 4.0)
      netrc (~> 0.8)
    rexml (3.2.5)
    test-unit (3.5.7)
      power_assert
    unf (0.1.4)
      unf_ext
    unf_ext (0.0.8.2)
    webmock (3.18.1)
      addressable (>= 2.8.0)
      crack (>= 0.3.2)
      hashdiff (>= 0.4.0, < 2.0.0)

PLATFORMS
  ruby

DEPENDENCIES
  httparty
  mailgun-ruby
  test-unit
  webmock

BUNDLED WITH
   1.15.1
